GIT
  remote: git://github.com/jmettraux/rufus-scheduler.git
  revision: 458a60d2c858037c3d7a6a58bf76a77a0ee0bc88
  specs:
    rufus-scheduler (3.0.0)
      tzinfo

GEM
  remote: https://rubygems.org/
  specs:
    colorize (0.5.8)
    cumtd (0.1.1)
    json (1.8.0)
    rack (1.5.2)
    rack-protection (1.5.0)
      rack
    sinatra (1.4.3)
      rack (~> 1.4)
      rack-protection (~> 1.4)
      tilt (~> 1.3, >= 1.3.4)
    tilt (1.4.1)
    tzinfo (1.0.1)

PLATFORMS
  ruby

DEPENDENCIES
  colorize
  cumtd
  json
  rufus-scheduler!
  sinatra
