GIT
  remote: git://github.com/jmettraux/rufus-scheduler.git
  revision: 458a60d2c858037c3d7a6a58bf76a77a0ee0bc88
  specs:
    rufus-scheduler (3.0.0)
      tzinfo

GEM
  remote: https://rubygems.org/
  specs:
    builder (3.1.4)
    colorize (0.5.8)
    cumtd (0.1.3)
    httparty (0.11.0)
      multi_json (~> 1.0)
      multi_xml (>= 0.5.2)
    jsmin (1.0.1)
    json (1.8.0)
    multi_json (1.7.7)
    multi_xml (0.5.5)
    rack (1.5.2)
    rack-protection (1.5.0)
      rack
    rack-test (0.6.2)
      rack (>= 1.0)
    sinatra (1.4.3)
      rack (~> 1.4)
      rack-protection (~> 1.4)
      tilt (~> 1.3, >= 1.3.4)
    sinatra-assetpack (0.3.1)
      jsmin
      rack-test
      sinatra
      tilt (>= 1.3.0)
    tilt (1.4.1)
    tzinfo (1.0.1)

PLATFORMS
  ruby

DEPENDENCIES
  builder
  colorize
  cumtd (= 0.1.3)
  httparty
  json
  rufus-scheduler!
  sinatra
  sinatra-assetpack
