GEM
  remote: https://rubygems.org/
  specs:
    colorize (0.5.8)
    cumtd (0.1.1)
    json (1.8.0)
    rack (1.5.2)
    rack-protection (1.5.0)
      rack
    rufus-scheduler (3.0.0)
      tzinfo
    sinatra (1.4.3)
      rack (~> 1.4)
      rack-protection (~> 1.4)
      tilt (~> 1.3, >= 1.3.4)
    tilt (1.4.1)
    tzinfo (0.3.37)

PLATFORMS
  ruby

DEPENDENCIES
  colorize
  cumtd
  json
  rufus-scheduler
  sinatra
